GEM
  remote: http://rubygems.org/
  specs:
    activemodel (3.1.1)
      activesupport (= 3.1.1)
      builder (~> 3.0.0)
      i18n (~> 0.6)
    activeresource (3.1.1)
      activemodel (= 3.1.1)
      activesupport (= 3.1.1)
    activesupport (3.1.1)
      multi_json (~> 1.0)
    builder (3.0.0)
    fakeweb (1.3.0)
    i18n (0.6.0)
    metaclass (0.0.1)
    mocha (0.12.0)
      metaclass (~> 0.0.1)
    multi_json (1.3.6)
    multipart (0.2.1)
    multipart-post (1.1.5)
    oauth (0.4.6)
    oauth-active-resource (0.4.6)
      activeresource
      multipart
      oauth (>= 0.3.6)
    rake (0.9.2.2)
    shoulda (3.1.0)
      shoulda-context (~> 1.0)
      shoulda-matchers (~> 1.2)
    shoulda-context (1.0.0)
    shoulda-matchers (1.2.0)
      activesupport (>= 3.0.0)

PLATFORMS
  ruby

DEPENDENCIES
  activeresource (= 3.1.1)
  builder (= 3.0.0)
  fakeweb
  mocha
  multipart (= 0.2.1)
  multipart-post (= 1.1.5)
  oauth (= 0.4.6)
  oauth-active-resource (= 0.4.6)
  rake (= 0.9.2.2)
  shoulda
